PATH
  remote: .
  specs:
    hashtag_parser (0.1.0)

GEM
  remote: https://rubygems.org/
  specs:
    minitest (5.14.0)
    rake (12.3.3)

PLATFORMS
  ruby

DEPENDENCIES
  hashtag_parser!
  minitest (~> 5.0)
  rake (~> 12.0)

BUNDLED WITH
   2.1.4
