PATH
  remote: .
  specs:
    hashtag_parser (0.1.0)

GEM
  remote: https://rubygems.org/
  specs:
    byebug (11.1.1)
    minitest (5.15.0)
    rake (12.3.3)

PLATFORMS
  ruby

DEPENDENCIES
  byebug
  hashtag_parser!
  minitest (~> 5.15)
  rake (~> 12.0)

BUNDLED WITH
   2.1.4
