PATH
  remote: .
  specs:
    hashtag_parser (0.1.0)

GEM
  remote: https://rubygems.org/
  specs:
    coderay (1.1.2)
    method_source (1.0.0)
    minitest (5.14.0)
    pry (0.13.0)
      coderay (~> 1.1)
      method_source (~> 1.0)
    rake (12.3.3)

PLATFORMS
  ruby

DEPENDENCIES
  hashtag_parser!
  minitest (~> 5.0)
  pry
  rake (~> 12.0)

BUNDLED WITH
   2.1.4
